PATH
  remote: .
  specs:
    file_data (5.2.2)

GEM
  remote: https://rubygems.org/
  specs:
    ast (2.4.0)
    backports (3.11.3)
    binding_of_caller (0.8.0)
      debug_inspector (>= 0.0.1)
    coderay (1.1.2)
    coveralls (0.8.19)
      json (>= 1.8, < 3)
      simplecov (~> 0.12.0)
      term-ansicolor (~> 1.3)
      thor (~> 0.19.1)
      tins (~> 1.6)
    debug_inspector (1.1.0)
    deep-cover (0.6.2)
      backports (>= 3.11.0)
      binding_of_caller
      bundler
      highline
      parser (~> 2.5.0)
      pry
      sass
      slop (~> 4.0)
      term-ansicolor
      terminal-table
      with_progress
    diff-lcs (1.3)
    docile (1.1.5)
    fakefs (0.10.2)
    ffi (1.9.25)
    ffi (1.9.25-x64-mingw32)
    highline (2.0.0)
    json (2.6.0)
    method_source (0.9.0)
    parser (2.5.1.0)
      ast (~> 2.4.0)
    pry (0.11.3)
      coderay (~> 1.1.0)
      method_source (~> 0.9.0)
    rake (13.0.6)
    rb-fsevent (0.10.3)
    rb-inotify (0.9.10)
      ffi (>= 0.5.0, < 2)
    rspec (3.5.0)
      rspec-core (~> 3.5.0)
      rspec-expectations (~> 3.5.0)
      rspec-mocks (~> 3.5.0)
    rspec-core (3.5.4)
      rspec-support (~> 3.5.0)
    rspec-expectations (3.5.0)
      diff-lcs (>= 1.2.0, < 2.0)
      rspec-support (~> 3.5.0)
    rspec-mocks (3.5.0)
      diff-lcs (>= 1.2.0, < 2.0)
      rspec-support (~> 3.5.0)
    rspec-support (3.5.0)
    ruby-progressbar (1.9.0)
    sass (3.5.6)
      sass-listen (~> 4.0.0)
    sass-listen (4.0.0)
      rb-fsevent (~> 0.9, >= 0.9.4)
      rb-inotify (~> 0.9, >= 0.9.7)
    simplecov (0.12.0)
      docile (~> 1.1.0)
      json (>= 1.8, < 3)
      simplecov-html (~> 0.10.0)
    simplecov-html (0.10.0)
    slop (4.6.2)
    term-ansicolor (1.4.0)
      tins (~> 1.0)
    terminal-table (1.8.0)
      unicode-display_width (~> 1.1, >= 1.1.1)
    thor (0.19.4)
    tins (1.13.2)
    unicode-display_width (1.4.0)
    with_progress (1.0.1)
      ruby-progressbar (~> 1.4)

PLATFORMS
  ruby
  x64-mingw32

DEPENDENCIES
  bundler (~> 2.2)
  coveralls (~> 0.8)
  deep-cover (~> 0.6)
  fakefs (~> 0.10)
  file_data!
  rake (~> 13.0)
  rspec (~> 3.0)

BUNDLED WITH
   2.2.29
